RESTRICTION: >= net40
NUGET
  remote: https://www.nuget.org/api/v2
    FAKE (4.63.2)
    FSharp.Azure.StorageTypeProvider (1.9.3)
      WindowsAzure.Storage (>= 7.2.1)
    FSharp.Compiler.Service (16.0.2)
      System.Collections.Immutable (>= 1.3.1) - restriction: >= net45
      System.Reflection.Metadata (>= 1.4.2) - restriction: >= net45
    FSharp.Compiler.Tools (4.1.27)
    FSharp.Core (4.2.3)
    FSharp.Data (2.4.2)
    Microsoft.Azure.KeyVault.Core (2.0.4) - restriction: || (&& (>= net40) (>= wp8)) (>= net45)
    Microsoft.Data.Edm (5.8.3) - restriction: || (&& (>= net40) (>= netstandard1.0) (< netstandard1.3)) (&& (>= net40) (< netstandard1.0) (>= win8)) (&& (>= net40) (>= netstandard1.3)) (&& (>= net40) (>= wp8)) (&& (>= net40) (>= wpa81)) (>= net45)
    Microsoft.Data.OData (5.8.3) - restriction: || (&& (>= net40) (>= netstandard1.0) (< netstandard1.3)) (&& (>= net40) (< netstandard1.0) (>= win8)) (&& (>= net40) (>= netstandard1.3)) (&& (>= net40) (>= wp8)) (&& (>= net40) (>= wpa81)) (>= net45)
      Microsoft.Data.Edm (5.8.3)
      System.Spatial (5.8.3)
    Microsoft.Data.Services.Client (5.8.3) - restriction: >= net45
      Microsoft.Data.OData (5.8.3)
    Microsoft.NETCore.Platforms (2.0) - restriction: || (&& (>= monoandroid) (>= net45) (< netstandard1.0)) (&& (>= monotouch) (>= net40)) (&& (>= monotouch) (>= net45)) (&& (>= net40) (< net45) (< netstandard1.3) (>= netstandard1.6)) (&& (>= net40) (< net45) (< netstandard1.4) (>= netstandard1.6)) (&& (>= net40) (< net45) (< netstandard1.5) (>= netstandard1.6)) (&& (>= net40) (< net45) (>= netstandard1.6) (< netstandard2.0)) (&& (>= net40) (< net45) (>= netstandard1.6) (< portable-net451+win81+wpa81)) (&& (>= net40) (< net45) (>= netstandard2.0)) (&& (>= net40) (>= netcoreapp2.0)) (&& (>= net40) (< netstandard1.0) (>= netstandard1.6)) (&& (>= net40) (< netstandard1.3) (>= netstandard1.6) (>= wpa81)) (&& (>= net40) (>= netstandard1.6) (< portable-net45+win8+wpa81)) (&& (>= net40) (>= netstandard1.6) (>= uap10.0)) (&& (>= net40) (>= xamarinios)) (&& (>= net40) (>= xamarinmac)) (&& (>= net40) (>= xamarintvos)) (&& (>= net40) (>= xamarinwatchos)) (&& (>= net45) (>= netcoreapp2.0) (< netstandard2.0)) (&& (>= net45) (< netstandard1.0) (>= portable-net451+win81+wpa81)) (&& (>= net45) (< netstandard1.3) (>= wpa81)) (&& (>= net45) (< portable-net45+win8+wpa81)) (&& (>= net45) (< portable-net451+win81+wpa81)) (&& (>= net45) (>= uap10.0)) (&& (>= net45) (>= xamarinios)) (&& (>= net45) (>= xamarinmac)) (&& (>= net45) (>= xamarintvos)) (&& (>= net45) (>= xamarinwatchos)) (&& (>= net451) (< netstandard1.3)) (&& (>= net46) (< netstandard1.4)) (&& (>= net461) (>= netstandard1.6)) (&& (>= net461) (< netstandard2.0))
    NETStandard.Library (2.0.1) - restriction: || (&& (>= net40) (>= netstandard1.6)) (&& (>= net45) (< netstandard2.0))
      Microsoft.NETCore.Platforms (>= 1.1) - restriction: || (&& (>= monoandroid) (>= net40) (< netstandard1.0)) (&& (>= monotouch) (>= net40)) (&& (>= net40) (< net45) (>= netstandard1.1) (< portable-net451+win81+wpa81)) (&& (>= net40) (< net45) (>= netstandard1.2) (< netstandard1.3)) (&& (>= net40) (< net45) (>= netstandard1.3) (< netstandard1.4)) (&& (>= net40) (< net45) (>= netstandard1.4) (< netstandard1.5)) (&& (>= net40) (< net45) (>= netstandard1.5) (< netstandard1.6)) (&& (>= net40) (< net45) (>= netstandard1.6) (< netstandard2.0)) (&& (>= net40) (< net45) (>= netstandard2.0)) (&& (>= net40) (>= netcoreapp2.0)) (&& (>= net40) (>= netstandard1.0) (< portable-net45+win8+wpa81)) (&& (>= net40) (< netstandard1.0) (>= portable-net45+win8+wp8+wpa81) (< portable-net45+win8+wpa81)) (&& (>= net40) (< netstandard1.0) (>= portable-net45+win8+wpa81) (< portable-net451+win81+wpa81)) (&& (>= net40) (< netstandard1.0) (>= portable-net451+win81+wpa81)) (&& (>= net40) (< netstandard1.3) (>= wpa81)) (&& (>= net40) (>= uap10.0)) (&& (>= net40) (>= xamarinios)) (&& (>= net40) (>= xamarinmac)) (&& (>= net40) (>= xamarintvos)) (&& (>= net40) (>= xamarinwatchos)) (&& (>= net45) (< portable-net451+win81+wpa81)) (&& (>= net451) (< netstandard1.3)) (&& (>= net46) (< netstandard1.4)) (>= net461)
    Newtonsoft.Json (10.0.3) - restriction: || (&& (>= net40) (< netstandard1.0) (>= win8)) (&& (>= net40) (>= wp8)) (&& (>= net40) (>= wpa81)) (>= net45)
    Suave (2.2.1)
      FSharp.Core (>= 4.0.0.1) - restriction: && (>= net40) (< netstandard1.6)
      FSharp.Core (>= 4.1.17) - restriction: && (>= net40) (>= netstandard1.6)
      NETStandard.Library (>= 1.6.1) - restriction: && (>= net40) (>= netstandard1.6)
      System.Data.Common (>= 4.1) - restriction: && (>= net40) (>= netstandard1.6)
      System.Diagnostics.Process (>= 4.1) - restriction: && (>= net40) (>= netstandard1.6)
      System.Globalization.Extensions (>= 4.3) - restriction: && (>= net40) (>= netstandard1.6)
      System.Net.Security (>= 4.0) - restriction: && (>= net40) (>= netstandard1.6)
      System.Runtime.Serialization.Json (>= 4.0.2) - restriction: && (>= net40) (>= netstandard1.6)
      System.Security.Claims (>= 4.0.1) - restriction: && (>= net40) (>= netstandard1.6)
      System.Security.Cryptography.Primitives (>= 4.3) - restriction: && (>= net40) (>= netstandard1.6)
    System.Collections.Immutable (1.4) - restriction: >= net45
      NETStandard.Library (>= 1.6.1) - restriction: && (>= net40) (>= netstandard1.0) (< netstandard2.0)
    System.Data.Common (4.3) - restriction: && (>= net40) (>= netstandard1.6)
    System.Diagnostics.Process (4.3) - restriction: && (>= net40) (>= netstandard1.6)
    System.Globalization.Extensions (4.3) - restriction: && (>= net40) (>= netstandard1.6)
    System.IO (4.3) - restriction: || (&& (>= net40) (< net46) (>= netstandard1.6)) (&& (>= net40) (< netstandard1.3) (>= netstandard1.6)) (&& (>= net46) (< netstandard1.3) (>= netstandard1.6)) (&& (< net46) (>= net461) (>= netstandard1.6)) (&& (>= net461) (< netstandard1.3) (>= netstandard1.6)) (&& (>= net463) (>= netstandard1.6))
    System.Net.Security (4.3.2) - restriction: && (>= net40) (>= netstandard1.6)
      System.Security.Cryptography.X509Certificates (>= 4.3) - restriction: || (&& (>= net40) (>= netstandard1.3) (< netstandard1.6)) (&& (>= net40) (>= netstandard1.6)) (>= net46)
    System.Reflection.Metadata (1.5) - restriction: >= net45
      NETStandard.Library (>= 1.6.1) - restriction: && (>= net40) (>= netstandard1.1) (< netstandard2.0)
      System.Collections.Immutable (>= 1.4) - restriction: || (&& (>= monoandroid) (>= net40) (< netstandard1.1)) (&& (>= monotouch) (>= net40)) (&& (>= net40) (>= netstandard1.1) (< netstandard2.0)) (&& (>= net40) (< netstandard1.1) (>= portable-net45+win8)) (&& (>= net40) (>= netstandard2.0)) (&& (>= net40) (< portable-net45+win8) (>= portable-net45+win8+wpa81)) (&& (>= net40) (>= xamarinios)) (&& (>= net40) (>= xamarinmac)) (&& (>= net40) (>= xamarintvos)) (&& (>= net40) (>= xamarinwatchos))
    System.Runtime (4.3) - restriction: || (&& (>= net40) (< net46) (>= netstandard1.6)) (&& (>= net40) (< netstandard1.3) (>= netstandard1.6)) (&& (>= net46) (< netstandard1.3) (>= netstandard1.6)) (&& (< net46) (>= net461) (>= netstandard1.6)) (&& (>= net461) (< netstandard1.3) (>= netstandard1.6)) (&& (>= net463) (>= netstandard1.6))
    System.Runtime.Serialization.Json (4.3) - restriction: && (>= net40) (>= netstandard1.6)
    System.Security.Claims (4.3) - restriction: && (>= net40) (>= netstandard1.6)
    System.Security.Cryptography.Algorithms (4.3) - restriction: || (&& (>= net40) (< net46) (>= netstandard1.6)) (&& (>= net40) (< netstandard1.3) (>= netstandard1.6)) (&& (>= net46) (< netstandard1.3) (>= netstandard1.6)) (&& (>= net46) (< netstandard1.4) (>= netstandard1.6)) (&& (>= net461) (>= netstandard1.6))
      System.IO (>= 4.3) - restriction: || (&& (>= net40) (< net46) (>= netstandard1.3) (< netstandard1.4)) (&& (>= net40) (< net46) (>= netstandard1.4) (< netstandard1.6)) (&& (>= net40) (< net46) (>= netstandard1.6)) (&& (>= net40) (< netstandard1.3)) (>= net463)
      System.Runtime (>= 4.3) - restriction: || (&& (>= net40) (< net46) (>= netstandard1.3) (< netstandard1.4)) (&& (>= net40) (< net46) (>= netstandard1.4) (< netstandard1.6)) (&& (>= net40) (< net46) (>= netstandard1.6)) (&& (>= net40) (< netstandard1.3)) (>= net463)
      System.Security.Cryptography.Encoding (>= 4.3) - restriction: || (&& (>= net40) (< net46) (>= netstandard1.6)) (&& (>= net40) (< netstandard1.3)) (>= net463)
      System.Security.Cryptography.Primitives (>= 4.3)
    System.Security.Cryptography.Encoding (4.3) - restriction: || (&& (>= net40) (< net46) (>= netstandard1.6)) (&& (>= net40) (< netstandard1.3) (>= netstandard1.6)) (&& (>= net46) (< netstandard1.3) (>= netstandard1.6)) (&& (>= net46) (< netstandard1.4) (>= netstandard1.6)) (&& (>= net461) (>= netstandard1.6)) (&& (>= net463) (>= netstandard1.6))
    System.Security.Cryptography.Primitives (4.3) - restriction: && (>= net40) (>= netstandard1.6)
    System.Security.Cryptography.X509Certificates (4.3.1) - restriction: || (&& (>= net40) (>= netstandard1.6)) (&& (>= net46) (>= netstandard1.6))
      System.Security.Cryptography.Algorithms (>= 4.3)
      System.Security.Cryptography.Encoding (>= 4.3)
    System.Spatial (5.8.3) - restriction: || (&& (>= net40) (>= netstandard1.0) (< netstandard1.3)) (&& (>= net40) (< netstandard1.0) (>= win8)) (&& (>= net40) (>= netstandard1.3)) (&& (>= net40) (>= wp8)) (&& (>= net40) (>= wpa81)) (>= net45)
    WindowsAzure.Storage (8.5)
      Microsoft.Azure.KeyVault.Core (>= 1.0) - restriction: || (&& (>= net40) (>= wp8)) (>= net45)
      Microsoft.Data.OData (>= 5.8.2) - restriction: || (&& (>= net40) (>= netstandard1.0) (< netstandard1.3)) (&& (>= net40) (< netstandard1.0) (>= win8)) (&& (>= net40) (>= netstandard1.3)) (&& (>= net40) (>= wp8)) (&& (>= net40) (>= wpa81)) (>= net45)
      Microsoft.Data.Services.Client (>= 5.8.2) - restriction: >= net45
      Newtonsoft.Json (>= 6.0.8) - restriction: || (&& (>= net40) (< netstandard1.0) (>= win8)) (&& (>= net40) (>= wp8)) (&& (>= net40) (>= wpa81)) (>= net45)
